GEM
  remote: https://rubygems.org/
  specs:
    XcodePages (0.1.1)
      activesupport
    activesupport (3.2.13)
      i18n (= 0.6.1)
      multi_json (~> 1.0)
    builder (3.2.0)
    cucumber (1.3.1)
      builder (>= 2.1.2)
      diff-lcs (>= 1.1.3)
      gherkin (~> 2.12.0)
      multi_json (~> 1.3)
    diff-lcs (1.2.4)
    dnssd (2.0)
    gherkin (2.12.0)
      multi_json (~> 1.3)
    i18n (0.6.1)
    mini_portile2 (2.4.0)
    multi_json (1.7.2)
    nokogiri (1.10.8)
      mini_portile2 (~> 2.4.0)
    rake (12.3.3)
    rspec (2.13.0)
      rspec-core (~> 2.13.0)
      rspec-expectations (~> 2.13.0)
      rspec-mocks (~> 2.13.0)
    rspec-core (2.13.1)
    rspec-expectations (2.13.0)
      diff-lcs (>= 1.1.3, < 2.0)
    rspec-mocks (2.13.1)
    syntax (1.0.0)

PLATFORMS
  ruby

DEPENDENCIES
  XcodePages
  activesupport
  cucumber
  dnssd
  nokogiri
  rake
  rspec
  syntax
