GEM
  remote: https://rubygems.org/
  specs:
    XcodePages (0.1.1)
      activesupport
    activesupport (6.0.6.1)
      concurrent-ruby (~> 1.0, >= 1.0.2)
      i18n (>= 0.7, < 2)
      minitest (~> 5.1)
      tzinfo (~> 1.1)
      zeitwerk (~> 2.2, >= 2.2.2)
    builder (3.2.0)
    concurrent-ruby (1.2.0)
    cucumber (1.3.1)
      builder (>= 2.1.2)
      diff-lcs (>= 1.1.3)
      gherkin (~> 2.12.0)
      multi_json (~> 1.3)
    diff-lcs (1.2.4)
    dnssd (2.0)
    gherkin (2.12.0)
      multi_json (~> 1.3)
    i18n (1.12.0)
      concurrent-ruby (~> 1.0)
    mini_portile2 (2.8.1)
    minitest (5.17.0)
    multi_json (1.14.1)
    nokogiri (1.14.3)
      mini_portile2 (~> 2.8.0)
      racc (~> 1.4)
    racc (1.6.2)
    rake (12.3.3)
    rspec (2.13.0)
      rspec-core (~> 2.13.0)
      rspec-expectations (~> 2.13.0)
      rspec-mocks (~> 2.13.0)
    rspec-core (2.13.1)
    rspec-expectations (2.13.0)
      diff-lcs (>= 1.1.3, < 2.0)
    rspec-mocks (2.13.1)
    syntax (1.0.0)
    thread_safe (0.3.6)
    tzinfo (1.2.11)
      thread_safe (~> 0.1)
    zeitwerk (2.6.6)

PLATFORMS
  ruby

DEPENDENCIES
  XcodePages
  activesupport
  cucumber
  dnssd
  nokogiri
  rake
  rspec
  syntax
